GIT
  remote: https://github.com/bukalapak/screen-object.git
  revision: 5892e107dfa28defdadf1752c199995a7f7f7150
  branch: appium_lib-v9.10
  specs:
    screen-object (1.0.2)
      appium_lib (~> 9.10)
      childprocess (~> 0.5)
      page_navigation (~> 0.9)

GIT
  remote: https://github.com/bukalapak/site_prism.git
  revision: cb6b8f709f2fd54f41e09cfdd52c2f893e3659a9
  branch: bukalapak_dev
  specs:
    site_prism (2.12)
      addressable (~> 2.4)
      capybara (~> 3.1.0)

GEM
  remote: https://rubygems.org/
  specs:
    addressable (2.5.2)
      public_suffix (>= 2.0.2, < 4.0)
    appium_capybara (1.5.1)
      appium_lib (>= 9.13.0)
      capybara (~> 3.0)
    appium_lib (9.14.2)
      appium_lib_core (~> 1.7.2)
      nokogiri (~> 1.8, >= 1.8.1)
      tomlrb (~> 1.1)
    appium_lib_core (1.7.2)
      faye-websocket (~> 0.10.0)
      selenium-webdriver (~> 3.5)
    archive-zip (0.11.0)
      io-like (~> 0.3.0)
    ast (2.4.0)
    axiom-types (0.1.1)
      descendants_tracker (~> 0.0.4)
      ice_nine (~> 0.11.0)
      thread_safe (~> 0.3, >= 0.3.1)
    backports (3.11.3)
    builder (3.2.3)
    capybara (3.1.1)
      addressable
      mini_mime (>= 0.1.3)
      nokogiri (~> 1.8)
      rack (>= 1.6.0)
      rack-test (>= 0.6.3)
      xpath (~> 3.0)
    capybara-screenshot (1.0.21)
      capybara (>= 1.0, < 4)
      launchy
    childprocess (0.9.0)
      ffi (~> 1.0, >= 1.0.11)
    chromedriver-helper (1.2.0)
      archive-zip (~> 0.10)
      nokogiri (~> 1.8)
    codeclimate-engine-rb (0.4.1)
      virtus (~> 1.0)
    coderay (1.1.2)
    coercible (1.0.0)
      descendants_tracker (~> 0.0.1)
    concurrent-ruby (1.0.5)
    cucumber (3.1.1)
      builder (>= 2.1.2)
      cucumber-core (~> 3.1.0)
      cucumber-expressions (~> 6.0.0)
      cucumber-wire (~> 0.0.1)
      diff-lcs (~> 1.3)
      gherkin (~> 5.1.0)
      multi_json (>= 1.7.5, < 2.0)
      multi_test (>= 0.1.2)
    cucumber-core (3.1.0)
      backports (>= 3.8.0)
      cucumber-tag_expressions (~> 1.1.0)
      gherkin (>= 5.0.0)
    cucumber-expressions (6.0.1)
    cucumber-tag_expressions (1.1.1)
    cucumber-wire (0.0.1)
    data_magic (1.2)
      faker (>= 1.1.2)
      yml_reader (>= 0.6)
    descendants_tracker (0.0.4)
      thread_safe (~> 0.3, >= 0.3.1)
    diff-lcs (1.3)
    dotenv (2.5.0)
    equalizer (0.0.11)
    erubis (2.7.0)
    eventmachine (1.2.7)
    faker (1.9.1)
      i18n (>= 0.7)
    faraday (0.15.2)
      multipart-post (>= 1.2, < 3)
    faye-websocket (0.10.7)
      eventmachine (>= 0.12.0)
      websocket-driver (>= 0.5.1)
    ffi (1.9.25)
    filesize (0.1.1)
    flay (2.12.0)
      erubis (~> 2.7.0)
      path_expander (~> 1.0)
      ruby_parser (~> 3.0)
      sexp_processor (~> 4.0)
    geckodriver-helper (0.0.5)
      archive-zip (~> 0.7)
    gherkin (5.1.0)
    gitlab (4.4.0)
      httparty (>= 0.14.0)
      terminal-table (>= 1.5.1)
    headless (2.3.1)
    httparty (0.14.0)
      multi_xml (>= 0.5.2)
    i18n (1.0.1)
      concurrent-ruby (~> 1.0)
    ice_nine (0.11.2)
    io-like (0.3.0)
    jaro_winkler (1.5.1)
    json (1.8.5)
    jsonpath (0.8.12)
      multi_json
      to_regexp (~> 0.2.1)
    launchy (2.4.3)
      addressable (~> 2.3)
    method_source (0.8.2)
    mini_mime (1.0.0)
    mini_portile2 (2.3.0)
    multi_json (1.13.1)
    multi_test (0.1.2)
    multi_xml (0.6.0)
    multipart-post (2.0.0)
    mysql2 (0.5.1)
    net-scp (1.2.1)
      net-ssh (>= 2.6.5)
    net-ssh (5.0.2)
    nokogiri (1.8.3)
      mini_portile2 (~> 2.3.0)
    octokit (4.9.0)
      sawyer (~> 0.8.0, >= 0.5.3)
    page_navigation (0.10)
      data_magic (>= 0.22)
    parallel (1.12.1)
    parser (2.5.1.0)
      ast (~> 2.4.0)
    path_expander (1.0.3)
    powerpack (0.1.2)
    pronto (0.9.5)
      gitlab (~> 4.0, >= 4.0.0)
      httparty (>= 0.13.7)
      octokit (~> 4.7, >= 4.7.0)
      rainbow (~> 2.1)
      rugged (~> 0.24, >= 0.23.0)
      thor (~> 0.19.0)
    pronto-flay (0.9.0)
      flay (~> 2.8)
      pronto (~> 0.9.0)
    pronto-reek (0.9.0)
      pronto (~> 0.9.0)
      reek (~> 4.2)
    pronto-rubocop (0.9.0)
      pronto (~> 0.9.0)
      rubocop (~> 0.38, >= 0.35.0)
    pry (0.10.4)
      coderay (~> 1.1.0)
      method_source (~> 0.8.1)
      slop (~> 3.4)
    public_suffix (3.0.2)
    rack (1.6.10)
    rack-protection (1.5.5)
      rack
    rack-test (1.0.0)
      rack (>= 1.0, < 3)
    rainbow (2.2.2)
      rake
    rake (12.1.0)
    reek (4.8.2)
      codeclimate-engine-rb (~> 0.4.0)
      parser (>= 2.5.0.0, < 2.6)
      rainbow (>= 2.0, < 4.0)
    report_builder (1.6)
      json (>= 1.8.1)
    rspec (3.7.0)
      rspec-core (~> 3.7.0)
      rspec-expectations (~> 3.7.0)
      rspec-mocks (~> 3.7.0)
    rspec-core (3.7.1)
      rspec-support (~> 3.7.0)
    rspec-expectations (3.7.0)
      diff-lcs (>= 1.2.0, < 2.0)
      rspec-support (~> 3.7.0)
    rspec-mocks (3.7.0)
      diff-lcs (>= 1.2.0, < 2.0)
      rspec-support (~> 3.7.0)
    rspec-retry (0.4.6)
      rspec-core
    rspec-support (3.7.1)
    rubocop (0.57.2)
      jaro_winkler (~> 1.5.1)
      parallel (~> 1.10)
      parser (>= 2.5)
      powerpack (~> 0.1)
      rainbow (>= 2.2.2, < 4.0)
      ruby-progressbar (~> 1.7)
      unicode-display_width (~> 1.0, >= 1.0.1)
    ruby-progressbar (1.9.0)
    ruby_parser (3.11.0)
      sexp_processor (~> 4.9)
    rubyzip (1.2.1)
    rugged (0.27.2)
    sawyer (0.8.1)
      addressable (>= 2.3.5, < 2.6)
      faraday (~> 0.8, < 1.0)
    selenium-webdriver (3.13.0)
      childprocess (~> 0.5)
      rubyzip (~> 1.2)
    sexp_processor (4.11.0)
    sinatra (1.3.1)
      rack (~> 1.3, >= 1.3.4)
      rack-protection (~> 1.1, >= 1.1.2)
      tilt (~> 1.3, >= 1.3.3)
    slop (3.6.0)
    terminal-table (1.8.0)
      unicode-display_width (~> 1.1, >= 1.1.1)
    thor (0.19.4)
    thread_safe (0.3.6)
    tilt (1.4.1)
    to_regexp (0.2.1)
    tomlrb (1.2.7)
    unicode-display_width (1.4.0)
    virtus (1.0.5)
      axiom-types (~> 0.1)
      coercible (~> 1.0)
      descendants_tracker (~> 0.0, >= 0.0.3)
      equalizer (~> 0.0, >= 0.0.9)
    websocket-driver (0.7.0)
      websocket-extensions (>= 0.1.0)
    websocket-extensions (0.1.3)
    xpath (3.1.0)
      nokogiri (~> 1.8)
    yml_reader (0.7)

PLATFORMS
  ruby

DEPENDENCIES
  appium_capybara (~> 1.3)
  appium_lib (~> 9.12)
  capybara (~> 3.1)
  capybara-screenshot (~> 1.0, >= 1.0.21)
  chromedriver-helper (~> 1.2)
  cucumber (~> 3.1)
  dotenv (~> 2.1, >= 2.1.1)
  filesize (~> 0.1.1)
  geckodriver-helper (~> 0.0.5)
  headless (~> 2.2, >= 2.2.3)
  httparty (= 0.14.0)
  json (= 1.8.5)
  jsonpath (~> 0.8.7)
  multipart-post
  mysql2
  net-scp
  net-ssh
  nokogiri (~> 1.7, >= 1.7.0.1)
  pronto
  pronto-flay
  pronto-reek
  pronto-rubocop
  pry (~> 0.10.4)
  rake (= 12.1.0)
  report_builder
  rspec (~> 3.5)
  rspec-retry (~> 0.4.5)
  screen-object!
  selenium-webdriver (~> 3.12)
  sinatra (= 1.3.1)
  site_prism!

RUBY VERSION
   ruby 2.5.1p57

BUNDLED WITH
   1.16.2
